GEM
  remote: http://rubygems.org/
  specs:
    activesupport (3.2.22.5)
      i18n (~> 0.6, >= 0.6.4)
      multi_json (~> 1.0)
    concurrent-ruby (1.0.5)
    diff-lcs (1.1.3)
    i18n (0.9.1)
      concurrent-ruby (~> 1.0)
    multi_json (1.12.2)
    rake (0.9.2.2)
    rspec (2.7.0)
      rspec-core (~> 2.7.0)
      rspec-expectations (~> 2.7.0)
      rspec-mocks (~> 2.7.0)
    rspec-core (2.7.1)
    rspec-expectations (2.7.0)
      diff-lcs (~> 1.1.2)
    rspec-mocks (2.7.0)

PLATFORMS
  ruby

DEPENDENCIES
  activesupport (~> 3.2.22)
  i18n (>= 0.6.8)
  rake
  rspec (~> 2.7.0)

BUNDLED WITH
   1.13.6
